GIT
  remote: https://github.com/makandra/rails.git
  revision: 0d82184c5a095bbc6f5e54ede000132ea0f31d87
  branch: 2-3-lts
  specs:
    actionmailer (2.3.18.38)
      actionpack (= 2.3.18.38)
    actionpack (2.3.18.38)
      activesupport (= 2.3.18.38)
      rack (< 1.5)
    activerecord (2.3.18.38)
      activesupport (= 2.3.18.38)
    activeresource (2.3.18.38)
      activesupport (= 2.3.18.38)
    activesupport (2.3.18.38)
    rails (2.3.18.38)
      actionmailer (= 2.3.18.38)
      actionpack (= 2.3.18.38)
      activerecord (= 2.3.18.38)
      activeresource (= 2.3.18.38)
      activesupport (= 2.3.18.38)
      railslts-version (= 2.3.18.38)
      railties (= 2.3.18.38)
    railslts-version (2.3.18.38)
    railties (2.3.18.38)
      actionpack (= 2.3.18.38)
      activesupport (= 2.3.18.38)
      rake (>= 0.8.3, < 11)

GEM
  remote: https://rubygems.org/
  specs:
    activerecord-mysql2-adapter (0.0.3)
      mysql2
    coderay (1.1.3)
    database_cleaner (0.9.1)
    declarative_authorization (0.5.7)
    diff-lcs (1.5.0)
    factory_girl (2.6.4)
      activesupport (>= 2.3.9)
    haml (3.1.8)
    i18n (0.4.2)
    method_source (1.0.0)
    mysql2 (0.5.3)
    passenger (6.0.13)
      rack
      rake (>= 0.8.1)
    power_assert (2.0.1)
    pry (0.14.1)
      coderay (~> 1.1)
      method_source (~> 1.0)
    rack (1.4.7)
    rake (10.5.0)
    rspec (3.10.0)
      rspec-core (~> 3.10.0)
      rspec-expectations (~> 3.10.0)
      rspec-mocks (~> 3.10.0)
    rspec-core (3.10.1)
      rspec-support (~> 3.10.0)
    rspec-expectations (3.10.1)
      diff-lcs (>= 1.2.0, < 2.0)
      rspec-support (~> 3.10.0)
    rspec-mocks (3.10.2)
      diff-lcs (>= 1.2.0, < 2.0)
      rspec-support (~> 3.10.0)
    rspec-support (3.10.3)
    rush (0.6.8)
      session
    session (3.2.0)
    test-unit (3.5.3)
      power_assert
    wicked_pdf (0.9.1)
      rails

PLATFORMS
  ruby

DEPENDENCIES
  actionmailer!
  actionpack!
  activerecord!
  activerecord-mysql2-adapter
  activeresource!
  activesupport!
  database_cleaner (~> 0.9)
  declarative_authorization (~> 0.5.1)
  factory_girl
  haml (~> 3.1)
  i18n (~> 0.4.2)
  passenger
  pry
  rails (~> 2.3.18)!
  railslts-version!
  railties!
  rspec
  rush (~> 0.6.7)
  test-unit
  wicked_pdf (= 0.9.1)

BUNDLED WITH
   1.17.3
